PATH
  remote: .
  specs:
    siriproxy-sirimingle (0.0.1)
      crack
      httparty

GEM
  remote: http://rubygems.org/
  specs:
    crack (0.3.1)
    diff-lcs (1.1.3)
    httparty (0.9.0)
      multi_json (~> 1.0)
      multi_xml
    multi_json (1.3.6)
    multi_xml (0.5.1)
    rspec (2.11.0)
      rspec-core (~> 2.11.0)
      rspec-expectations (~> 2.11.0)
      rspec-mocks (~> 2.11.0)
    rspec-core (2.11.1)
    rspec-expectations (2.11.3)
      diff-lcs (~> 1.1.3)
    rspec-mocks (2.11.2)

PLATFORMS
  ruby

DEPENDENCIES
  crack
  httparty
  rspec
  siriproxy-sirimingle!
