PATH
  remote: .
  specs:
    sirimingle (0.0.1)

GEM
  remote: http://rubygems.org/
  specs:
    crack (0.3.1)

PLATFORMS
  ruby

DEPENDENCIES
  crack
  sirimingle!
