PATH
  remote: .
  specs:
    siriproxy-sirimingle (0.0.2)
      crack
      httparty
      mingle_party

GEM
  remote: http://rubygems.org/
  specs:
    crack (0.3.2)
    diff-lcs (1.1.3)
    httparty (0.10.0)
      multi_json (~> 1.0)
      multi_xml
    mingle_party (0.0.7)
      crack
      httparty
    multi_json (1.15.0)
    multi_xml (0.6.0)
    rspec (2.11.0)
      rspec-core (~> 2.11.0)
      rspec-expectations (~> 2.11.0)
      rspec-mocks (~> 2.11.0)
    rspec-core (2.11.1)
    rspec-expectations (2.11.3)
      diff-lcs (~> 1.1.3)
    rspec-mocks (2.11.2)

PLATFORMS
  ruby

DEPENDENCIES
  crack
  httparty
  mingle_party
  rspec
  siriproxy-sirimingle!
